GEM
  remote: https://rubygems.org/
  specs:
    childprocess (0.5.9)
      ffi (~> 1.0, >= 1.0.11)
    ffi (1.9.14)
    headless (2.3.1)
    msgpack (1.0.0)
    rubyzip (1.2.0)
    selenium-webdriver (3.0.0.beta4.0)
      childprocess (~> 0.5)
      rubyzip (~> 1.0)
      websocket (~> 1.0)
    watir (6.0.0.beta5)
      selenium-webdriver (>= 3.0.0.beta2.1)
    websocket (1.2.3)

PLATFORMS
  ruby

DEPENDENCIES
  headless
  msgpack
  watir (>= 6.0.0.beta5)

BUNDLED WITH
   1.13.2
