GEM
  remote: https://rubygems.org/
  specs:
    childprocess (3.0.0)
    headless (2.3.1)
    msgpack (1.1.0)
    rmagick (2.16.0)
    rubyzip (2.3.0)
    selenium-webdriver (3.142.7)
      childprocess (>= 0.5, < 4.0)
      rubyzip (>= 1.2.2)
    watir (6.6.0)
      selenium-webdriver (~> 3.4, >= 3.4.1)

PLATFORMS
  ruby

DEPENDENCIES
  headless
  msgpack
  rmagick
  watir (>= 6.0.0)

BUNDLED WITH
   1.14.6
